GEM
  remote: https://rubygems.org/
  specs:
    ruby2d (0.9.5)

PLATFORMS
  arm64-darwin-21

DEPENDENCIES
  ruby2d (~> 0.9.2)

BUNDLED WITH
   2.3.7
